GEM
  remote: http://rubygems.org/
  specs:
    diff-lcs (1.1.2)
    docile (1.1.5)
    fakefs (0.3.2)
    git (1.2.5)
    httparty (0.14.0)
      multi_xml (>= 0.5.2)
    imdb_party (0.8.0)
      httparty
    jeweler (1.6.4)
      bundler (~> 1.0)
      git (>= 1.2.5)
      rake
    json (2.0.3)
    multi_xml (0.6.0)
    rake (0.9.2)
    rspec (2.3.0)
      rspec-core (~> 2.3.0)
      rspec-expectations (~> 2.3.0)
      rspec-mocks (~> 2.3.0)
    rspec-core (2.3.1)
    rspec-expectations (2.3.0)
      diff-lcs (~> 1.1.2)
    rspec-mocks (2.3.0)
    simplecov (0.14.0)
      docile (~> 1.1.0)
      json (>= 1.8, < 3)
      simplecov-html (~> 0.10.0)
    simplecov-html (0.10.0)
    thor (0.14.6)

PLATFORMS
  ruby

DEPENDENCIES
  bundler (~> 1.14.6)
  fakefs (~> 0.3.2)
  imdb_party (~> 0.8.0)
  jeweler (~> 1.6.0)
  rspec (~> 2.3.0)
  simplecov
  thor (~> 0.14.6)

BUNDLED WITH
   1.14.6
